GEM
  remote: https://rubygems.org/
  specs:
    aws-eventstream (1.0.3)
    aws-partitions (1.217.0)
    aws-sdk-core (3.68.0)
      aws-eventstream (~> 1.0, >= 1.0.2)
      aws-partitions (~> 1.0)
      aws-sigv4 (~> 1.1)
      jmespath (~> 1.0)
    aws-sdk-sns (1.19.0)
      aws-sdk-core (~> 3, >= 3.61.1)
      aws-sigv4 (~> 1.1)
    aws-sdk-sqs (1.22.0)
      aws-sdk-core (~> 3, >= 3.61.1)
      aws-sigv4 (~> 1.1)
    aws-sigv4 (1.1.0)
      aws-eventstream (~> 1.0, >= 1.0.2)
    backports (3.15.0)
    ffi (1.11.1)
    ffi-rzmq (2.0.7)
      ffi-rzmq-core (>= 1.0.7)
    ffi-rzmq-core (1.0.7)
      ffi
    jmespath (1.4.0)
    mandate (0.2.0)
    metaclass (0.0.4)
    minitest (5.0.8)
    mocha (1.8.0)
      metaclass (~> 0.0.1)
    multi_json (1.14.1)
    mustermann (1.0.3)
    parallel (1.18.0)
    propono (2.2.0)
      aws-sdk-sns
      aws-sdk-sqs
    rack (2.0.7)
    rack-protection (2.0.7)
      rack
    rake (12.3.2)
    sinatra (2.0.7)
      mustermann (~> 1.0)
      rack (~> 2.0)
      rack-protection (= 2.0.7)
      tilt (~> 2.0)
    sinatra-contrib (2.0.7)
      backports (>= 2.8.2)
      multi_json
      mustermann (~> 1.0)
      rack-protection (= 2.0.7)
      sinatra (= 2.0.7)
      tilt (~> 2.0)
    tilt (2.0.10)
    timecop (0.9.1)

PLATFORMS
  ruby

DEPENDENCIES
  bundler
  ffi-rzmq
  mandate
  minitest (~> 5.0.8)
  mocha
  parallel
  propono
  rake
  sinatra
  sinatra-contrib
  timecop

BUNDLED WITH
   2.0.2
